GIT
  remote: https://github.com/interagent/prmd.git
  revision: dd3b31605b09f9a1b3103ad608d9066e45deff21
  specs:
    prmd (0.13.0)
      erubis (~> 2.7)
      json_schema (~> 0.3, >= 0.3.1)

GEM
  remote: https://rubygems.org/
  specs:
    committee (1.15.0)
      json_schema (~> 0.6, >= 0.6.1)
      rack (>= 1.5)
    erubis (2.7.0)
    json_schema (0.16.1)
    rack (2.0.1)
    rake (12.0.0)
    redcarpet (3.3.4)

PLATFORMS
  ruby

DEPENDENCIES
  committee
  prmd!
  rake
  redcarpet

BUNDLED WITH
   1.13.6
